GEM
  remote: http://rubygems.org/
  specs:
    addressable (2.2.6)
    backports (2.3.0)
    daemons (1.1.4)
    em-http-request (1.0.0)
      addressable (>= 2.2.3)
      em-socksify
      eventmachine (>= 1.0.0.beta.3)
      http_parser.rb (>= 0.5.2)
    em-resolv-replace (1.1.1)
    em-socksify (0.1.0)
      eventmachine
    em-synchrony (1.0.0)
      eventmachine (>= 1.0.0.beta.1)
    eventmachine (1.0.0.beta.3)
    hiredis (0.3.2)
    http_parser.rb (0.5.2)
    monkey-lib (0.5.4)
      backports
    rack (1.3.3)
    rack-fiber_pool (0.9.2)
    redis (2.2.2)
    sinatra (1.2.6)
      rack (~> 1.1)
      tilt (< 2.0, >= 1.2.2)
    sinatra-advanced-routes (0.5.1)
      monkey-lib (~> 0.5.0)
      sinatra (~> 1.0)
      sinatra-sugar (~> 0.5.0)
    sinatra-reloader (0.5.0)
      sinatra (~> 1.0)
      sinatra-advanced-routes (~> 0.5.0)
    sinatra-sugar (0.5.1)
      monkey-lib (~> 0.5.0)
      sinatra (~> 1.0)
    sinatra-synchrony (0.2.1)
      em-http-request (= 1.0.0)
      em-resolv-replace (>= 1.1.1)
      em-synchrony (= 1.0.0)
      eventmachine (= 1.0.0.beta.3)
      rack-fiber_pool (= 0.9.2)
      sinatra (>= 1.0)
    thin (1.2.11)
      daemons (>= 1.0.9)
      eventmachine (>= 0.12.6)
      rack (>= 1.0.0)
    tilt (1.3.3)
    uber-s3 (0.1.1)

PLATFORMS
  ruby

DEPENDENCIES
  hiredis
  redis
  sinatra-reloader
  sinatra-synchrony
  thin
  uber-s3
