GIT
  remote: git://github.com/titanous/sinatra-assetpack.git
  revision: 15e0829ca9cecda2e4023b25dd287d7ee2060ee5
  specs:
    sinatra-assetpack (0.0.10)
      jsmin
      rack-test
      sinatra
      tilt (>= 1.3.0)

GEM
  remote: http://rubygems.org/
  specs:
    addressable (2.3.2)
    chunky_png (1.2.5)
    coffee-script (2.2.0)
      coffee-script-source
      execjs
    coffee-script-source (1.3.3)
    compass (0.12.2)
      chunky_png (~> 1.2)
      fssm (>= 0.2.7)
      sass (~> 3.1)
    cookiejar (0.3.0)
    daemons (1.1.8)
    em-http-request (1.0.2)
      addressable (>= 2.2.3)
      cookiejar
      em-socksify
      eventmachine (>= 1.0.0.beta.4)
      http_parser.rb (>= 0.5.3)
    em-resolv-replace (1.1.3)
    em-socksify (0.2.0)
      eventmachine (>= 1.0.0.beta.4)
    em-synchrony (1.0.2)
      eventmachine (>= 1.0.0.beta.1)
    eventmachine (1.0.0.beta.4)
    execjs (1.4.0)
      multi_json (~> 1.0)
    fssm (0.2.9)
    hiredis (0.4.5)
    http_parser.rb (0.5.3)
    jsmin (1.0.1)
    json (1.7.4)
    mime-types (1.19)
    multi_json (1.3.6)
    rack (1.4.1)
    rack-fiber_pool (0.9.2)
    rack-protection (1.2.0)
      rack
    rack-test (0.6.1)
      rack (>= 1.0)
    redis (3.0.1)
    sass (3.1.20)
    sinatra (1.3.2)
      rack (~> 1.3, >= 1.3.6)
      rack-protection (~> 1.2)
      tilt (~> 1.3, >= 1.3.3)
    sinatra-support (1.2.2)
      sinatra (>= 1.0)
    sinatra-synchrony (0.3.2)
      em-http-request (~> 1.0)
      em-resolv-replace (~> 1.1)
      em-synchrony (~> 1.0.1)
      eventmachine (~> 1.0.0.beta.4, < 1.0.0.beta.100)
      rack-fiber_pool (~> 0.9)
      sinatra (~> 1.0)
    thin (1.4.1)
      daemons (>= 1.0.9)
      eventmachine (>= 0.12.6)
      rack (>= 1.0.0)
    tilt (1.3.3)
    uber-s3 (0.2.4)
      mime-types (~> 1.17)
    uglifier (1.2.7)
      execjs (>= 0.3.0)
      multi_json (~> 1.3)

PLATFORMS
  ruby

DEPENDENCIES
  coffee-script
  compass
  hiredis
  json
  redis
  sinatra
  sinatra-assetpack!
  sinatra-support
  sinatra-synchrony
  thin
  uber-s3
  uglifier
