GIT
  remote: git://github.com/titanous/sinatra-assetpack.git
  revision: 8fe2776a4de61d55bb4ac383e4688c38cd514e2c
  branch: asset-host
  specs:
    sinatra-assetpack (0.0.10)
      jsmin
      rack-test
      sinatra
      tilt (>= 1.3.0)

GEM
  remote: http://rubygems.org/
  specs:
    addressable (2.2.6)
    backports (2.3.0)
    chunky_png (1.2.5)
    compass (0.12.alpha.0)
      chunky_png (~> 1.2)
      fssm (>= 0.2.7)
      sass (~> 3.1)
    em-http-request (1.0.0)
      addressable (>= 2.2.3)
      em-socksify
      eventmachine (>= 1.0.0.beta.3)
      http_parser.rb (>= 0.5.2)
    em-resolv-replace (1.1.1)
    em-socksify (0.1.0)
      eventmachine
    em-synchrony (1.0.0)
      eventmachine (>= 1.0.0.beta.1)
    eventmachine (1.0.0.beta.3)
    execjs (1.2.9)
      multi_json (~> 1.0)
    fssm (0.2.7)
    hiredis (0.4.1)
    http_parser.rb (0.5.3)
    jsmin (1.0.1)
    kgio (2.6.0)
    mime-types (1.17.2)
    multi_json (1.0.3)
    rack (1.3.5)
    rack-fiber_pool (0.9.2)
    rack-protection (1.1.4)
      rack
    rack-test (0.6.1)
      rack (>= 1.0)
    rainbows (4.3.1)
      kgio (~> 2.5)
      rack (~> 1.1)
      unicorn (~> 4.1)
    raindrops (0.8.0)
    redis (2.2.2)
    sass (3.1.10)
    sinatra (1.3.1)
      rack (~> 1.3, >= 1.3.4)
      rack-protection (~> 1.1, >= 1.1.2)
      tilt (~> 1.3, >= 1.3.3)
    sinatra-contrib (1.3.1)
      backports (>= 2.0)
      eventmachine
      rack-protection
      rack-test
      sinatra (~> 1.3.0)
      tilt (~> 1.3)
    sinatra-support (1.2.2)
      sinatra (>= 1.0)
    sinatra-synchrony (0.3.0)
      em-http-request (= 1.0.0)
      em-resolv-replace (>= 1.1.1)
      em-synchrony (= 1.0.0)
      eventmachine (= 1.0.0.beta.3)
      rack-fiber_pool (= 0.9.2)
      sinatra (>= 1.0)
    tilt (1.3.3)
    uber-s3 (0.1.4)
      mime-types (~> 1.16)
    uglifier (1.0.4)
      execjs (>= 0.3.0)
      multi_json (>= 1.0.2)
    unicorn (4.1.1)
      kgio (~> 2.4)
      rack
      raindrops (~> 0.6)

PLATFORMS
  ruby

DEPENDENCIES
  compass (= 0.12.alpha.0)
  hiredis
  rainbows
  redis
  sinatra (~> 1.3)
  sinatra-assetpack!
  sinatra-contrib
  sinatra-support
  sinatra-synchrony
  uber-s3
  uglifier
